PATH
  remote: .
  specs:
    songbirdsh (0.0.5)
      sequel (~> 3)
      shell_shock (~> 0)
      simple_scrobbler (~> 0)
      splat (~> 0)
      splat (~> 0.1)
      sqlite3 (~> 1)

GEM
  remote: http://rubygems.org/
  specs:
    diff-lcs (1.1.2)
    rake (0.8.7)
    rspec (2.5.0)
      rspec-core (~> 2.5.0)
      rspec-expectations (~> 2.5.0)
      rspec-mocks (~> 2.5.0)
    rspec-core (2.5.1)
    rspec-expectations (2.5.0)
      diff-lcs (~> 1.1.2)
    rspec-mocks (2.5.0)
    sequel (3.22.0)
    shell_shock (0.0.5)
    simple_scrobbler (0.1.2)
    splat (0.1.2)
    sqlite3 (1.3.3)

PLATFORMS
  ruby

DEPENDENCIES
  rake (~> 0.8)
  rspec (~> 2)
  songbirdsh!
